GEM
  remote: https://rubygems.org/
  specs:
    aasm (5.5.0)
      concurrent-ruby (~> 1.0)
    actioncable (8.0.1)
      actionpack (= 8.0.1)
      activesupport (= 8.0.1)
      nio4r (~> 2.0)
      websocket-driver (>= 0.6.1)
      zeitwerk (~> 2.6)
    actionmailbox (8.0.1)
      actionpack (= 8.0.1)
      activejob (= 8.0.1)
      activerecord (= 8.0.1)
      activestorage (= 8.0.1)
      activesupport (= 8.0.1)
      mail (>= 2.8.0)
    actionmailer (8.0.1)
      actionpack (= 8.0.1)
      actionview (= 8.0.1)
      activejob (= 8.0.1)
      activesupport (= 8.0.1)
      mail (>= 2.8.0)
      rails-dom-testing (~> 2.2)
    actionpack (8.0.1)
      actionview (= 8.0.1)
      activesupport (= 8.0.1)
      nokogiri (>= 1.8.5)
      rack (>= 2.2.4)
      rack-session (>= 1.0.1)
      rack-test (>= 0.6.3)
      rails-dom-testing (~> 2.2)
      rails-html-sanitizer (~> 1.6)
      useragent (~> 0.16)
    actiontext (8.0.1)
      actionpack (= 8.0.1)
      activerecord (= 8.0.1)
      activestorage (= 8.0.1)
      activesupport (= 8.0.1)
      globalid (>= 0.6.0)
      nokogiri (>= 1.8.5)
    actionview (8.0.1)
      activesupport (= 8.0.1)
      builder (~> 3.1)
      erubi (~> 1.11)
      rails-dom-testing (~> 2.2)
      rails-html-sanitizer (~> 1.6)
    activejob (8.0.1)
      activesupport (= 8.0.1)
      globalid (>= 0.3.6)
    activemodel (8.0.1)
      activesupport (= 8.0.1)
    activerecord (8.0.1)
      activemodel (= 8.0.1)
      activesupport (= 8.0.1)
      timeout (>= 0.4.0)
    activestorage (8.0.1)
      actionpack (= 8.0.1)
      activejob (= 8.0.1)
      activerecord (= 8.0.1)
      activesupport (= 8.0.1)
      marcel (~> 1.0)
    activesupport (8.0.1)
      base64
      benchmark (>= 0.3)
      bigdecimal
      concurrent-ruby (~> 1.0, >= 1.3.1)
      connection_pool (>= 2.2.5)
      drb
      i18n (>= 1.6, < 2)
      logger (>= 1.4.2)
      minitest (>= 5.1)
      securerandom (>= 0.3)
      tzinfo (~> 2.0, >= 2.0.5)
      uri (>= 0.13.1)
    addressable (2.8.7)
      public_suffix (>= 2.0.2, < 7.0)
    base64 (0.2.0)
    bcrypt (3.1.20)
    benchmark (0.4.0)
    bigdecimal (3.1.9)
    bootsnap (1.18.4)
      msgpack (~> 1.2)
    builder (3.3.0)
    byebug (11.1.3)
    cancancan (3.6.1)
    coderay (1.1.3)
    concurrent-ruby (1.3.5)
    connection_pool (2.5.0)
    crass (1.0.6)
    date (3.4.1)
    debug (1.10.0)
      irb (~> 1.10)
      reline (>= 0.3.8)
    devise (4.9.4)
      bcrypt (~> 3.0)
      orm_adapter (~> 0.1)
      railties (>= 4.1.0)
      responders
      warden (~> 1.2.3)
    diff-lcs (1.5.1)
    discard (1.4.0)
      activerecord (>= 4.2, < 9.0)
    dotenv (3.1.7)
    dotenv-rails (3.1.7)
      dotenv (= 3.1.7)
      railties (>= 6.1)
    drb (2.2.1)
    erubi (1.13.1)
    et-orbi (1.2.11)
      tzinfo
    ethon (0.16.0)
      ffi (>= 1.15.0)
    ffi (1.17.1-aarch64-linux-gnu)
    ffi (1.17.1-arm-linux-gnu)
    ffi (1.17.1-arm64-darwin)
    ffi (1.17.1-x86-linux-gnu)
    ffi (1.17.1-x86_64-darwin)
    ffi (1.17.1-x86_64-linux-gnu)
    fugit (1.11.1)
      et-orbi (~> 1, >= 1.2.11)
      raabro (~> 1.4)
    globalid (1.2.1)
      activesupport (>= 6.1)
    i18n (1.14.7)
      concurrent-ruby (~> 1.0)
    io-console (0.8.0)
    irb (1.15.1)
      pp (>= 0.6.0)
      rdoc (>= 4.0.0)
      reline (>= 0.4.2)
    json-schema (5.1.1)
      addressable (~> 2.8)
      bigdecimal (~> 3.1)
    jwt (2.10.1)
      base64
    logger (1.6.5)
    loofah (2.24.0)
      crass (~> 1.0.2)
      nokogiri (>= 1.12.0)
    mail (2.8.1)
      mini_mime (>= 0.1.1)
      net-imap
      net-pop
      net-smtp
    marcel (1.0.4)
    method_source (1.1.0)
    mini_mime (1.1.5)
    mini_portile2 (2.8.8)
    minitest (5.25.4)
    msgpack (1.7.5)
    net-imap (0.5.5)
      date
      net-protocol
    net-pop (0.1.2)
      net-protocol
    net-protocol (0.2.2)
      timeout
    net-smtp (0.5.0)
      net-protocol
    nio4r (2.7.4)
    nokogiri (1.18.2)
      mini_portile2 (~> 2.8.2)
      racc (~> 1.4)
    nokogiri (1.18.2-aarch64-linux-gnu)
      racc (~> 1.4)
    nokogiri (1.18.2-arm-linux-gnu)
      racc (~> 1.4)
    nokogiri (1.18.2-arm64-darwin)
      racc (~> 1.4)
    nokogiri (1.18.2-x86_64-darwin)
      racc (~> 1.4)
    nokogiri (1.18.2-x86_64-linux-gnu)
      racc (~> 1.4)
    onesignal (1.0.1)
      typhoeus (~> 1.0, >= 1.0.1)
    onesignal-rails-plugin (1.0.0)
      onesignal (~> 1.0.1)
      rails
    orm_adapter (0.5.0)
    pagy (9.3.3)
    paper_trail (16.0.0)
      activerecord (>= 6.1)
      request_store (~> 1.4)
    pg (1.5.9)
    pp (0.6.2)
      prettyprint
    prettyprint (0.2.0)
    pry (0.14.2)
      coderay (~> 1.1)
      method_source (~> 1.0)
    pry-byebug (3.10.1)
      byebug (~> 11.0)
      pry (>= 0.13, < 0.15)
    pry-rails (0.3.11)
      pry (>= 0.13.0)
    psych (5.2.3)
      date
      stringio
    public_suffix (6.0.1)
    puma (6.6.0)
      nio4r (~> 2.0)
    raabro (1.4.0)
    racc (1.8.1)
    rack (3.1.9)
    rack-cors (2.0.2)
      rack (>= 2.0.0)
    rack-session (2.1.0)
      base64 (>= 0.1.0)
      rack (>= 3.0.0)
    rack-test (2.2.0)
      rack (>= 1.3)
    rackup (2.2.1)
      rack (>= 3)
    rails (8.0.1)
      actioncable (= 8.0.1)
      actionmailbox (= 8.0.1)
      actionmailer (= 8.0.1)
      actionpack (= 8.0.1)
      actiontext (= 8.0.1)
      actionview (= 8.0.1)
      activejob (= 8.0.1)
      activemodel (= 8.0.1)
      activerecord (= 8.0.1)
      activestorage (= 8.0.1)
      activesupport (= 8.0.1)
      bundler (>= 1.15.0)
      railties (= 8.0.1)
    rails-dom-testing (2.2.0)
      activesupport (>= 5.0.0)
      minitest
      nokogiri (>= 1.6)
    rails-html-sanitizer (1.6.2)
      loofah (~> 2.21)
      nokogiri (>= 1.15.7, != 1.16.7, != 1.16.6, != 1.16.5, != 1.16.4, != 1.16.3, != 1.16.2, != 1.16.1, != 1.16.0.rc1, != 1.16.0)
    railties (8.0.1)
      actionpack (= 8.0.1)
      activesupport (= 8.0.1)
      irb (~> 1.13)
      rackup (>= 1.0.0)
      rake (>= 12.2)
      thor (~> 1.0, >= 1.2.2)
      zeitwerk (~> 2.6)
    rake (13.2.1)
    rdoc (6.11.0)
      psych (>= 4.0.0)
    redis (4.8.1)
    redis-client (0.23.2)
      connection_pool
    reline (0.6.0)
      io-console (~> 0.5)
    request_store (1.7.0)
      rack (>= 1.4)
    responders (3.1.1)
      actionpack (>= 5.2)
      railties (>= 5.2)
    rspec-core (3.13.2)
      rspec-support (~> 3.13.0)
    rspec-expectations (3.13.3)
      diff-lcs (>= 1.2.0, < 2.0)
      rspec-support (~> 3.13.0)
    rspec-mocks (3.13.2)
      diff-lcs (>= 1.2.0, < 2.0)
      rspec-support (~> 3.13.0)
    rspec-rails (7.1.0)
      actionpack (>= 7.0)
      activesupport (>= 7.0)
      railties (>= 7.0)
      rspec-core (~> 3.13)
      rspec-expectations (~> 3.13)
      rspec-mocks (~> 3.13)
      rspec-support (~> 3.13)
    rspec-support (3.13.2)
    rswag (2.16.0)
      rswag-api (= 2.16.0)
      rswag-specs (= 2.16.0)
      rswag-ui (= 2.16.0)
    rswag-api (2.16.0)
      activesupport (>= 5.2, < 8.1)
      railties (>= 5.2, < 8.1)
    rswag-specs (2.16.0)
      activesupport (>= 5.2, < 8.1)
      json-schema (>= 2.2, < 6.0)
      railties (>= 5.2, < 8.1)
      rspec-core (>= 2.14)
    rswag-ui (2.16.0)
      actionpack (>= 5.2, < 8.1)
      railties (>= 5.2, < 8.1)
    rufus-scheduler (3.9.2)
      fugit (~> 1.1, >= 1.11.1)
    securerandom (0.4.1)
    sidekiq (7.3.8)
      base64
      connection_pool (>= 2.3.0)
      logger
      rack (>= 2.2.4)
      redis-client (>= 0.22.2)
    sidekiq-scheduler (5.0.6)
      rufus-scheduler (~> 3.2)
      sidekiq (>= 6, < 8)
      tilt (>= 1.4.0, < 3)
    stringio (3.1.2)
    thor (1.3.2)
    tilt (2.6.0)
    timeout (0.4.3)
    typhoeus (1.4.1)
      ethon (>= 0.9.0)
    tzinfo (2.0.6)
      concurrent-ruby (~> 1.0)
    uri (1.0.2)
    useragent (0.16.11)
    warden (1.2.9)
      rack (>= 2.0.9)
    websocket-driver (0.7.7)
      base64
      websocket-extensions (>= 0.1.0)
    websocket-extensions (0.1.5)
    zeitwerk (2.7.1)

PLATFORMS
  aarch64-linux
  arm-linux
  arm64-darwin
  x86-linux
  x86_64-darwin
  x86_64-linux

DEPENDENCIES
  aasm
  bootsnap
  cancancan
  debug
  devise
  discard (~> 1.4)
  dotenv-rails
  jwt
  onesignal-rails-plugin (~> 1.0.0)
  pagy
  paper_trail (~> 16.0)
  pg (~> 1.5)
  pry-byebug (~> 3.10)
  pry-rails
  puma (>= 6.0)
  rack-cors
  rails (~> 8.0, >= 8.0.1)
  redis (~> 4.0)
  rspec-rails
  rswag
  rswag-api
  rswag-specs
  rswag-ui
  sidekiq (~> 7.0)
  sidekiq-scheduler
  tzinfo-data

RUBY VERSION
   ruby 3.3.6p108

BUNDLED WITH
   2.5.11
